GEM
  remote: https://rubygems.org/
  specs:
    ansi (1.4.3)
    rack (1.5.2)
    rack-cache (1.2)
      rack (>= 0.4)
    rack-protection (1.5.1)
      rack
    rack-test (0.6.2)
      rack (>= 1.0)
    rake (10.1.0)
    redcarpet (3.0.0)
    sass (3.2.12)
    shotgun (0.9)
      rack (>= 1.0)
    sinatra (1.4.4)
      rack (~> 1.4)
      rack-protection (~> 1.4)
      tilt (~> 1.3, >= 1.3.4)
    tilt (1.4.1)
    turn (0.9.6)
      ansi

PLATFORMS
  ruby

DEPENDENCIES
  rack
  rack-cache
  rack-test
  rake
  redcarpet
  sass
  shotgun
  sinatra
  turn
